GEM
  remote: https://rubygems.org/
  specs:
    hiredis (0.6.1)
    mote (1.3.0)
    nest (3.1.1)
      redic
    ohm (3.1.1)
      nest (~> 3)
      redic (~> 1.5.0)
      stal
    rack (2.0.3)
    redic (1.5.0)
      hiredis
    redis (4.0.1)
    seg (1.2.0)
    shotgun (0.9.2)
      rack (>= 1.0)
    stal (0.3.0)
      redic (~> 1.5)
    syro (3.0.1)
      rack (>= 1.6.0)
      seg

PLATFORMS
  ruby

DEPENDENCIES
  mote
  ohm
  redis
  shotgun
  syro

BUNDLED WITH
   1.16.1
